NUGET
  remote: https://www.nuget.org/api/v2
    RabbitMQ (3.6.2)
